GEM
  remote: https://rubygems.org/
  specs:
    ffi (1.15.4)
    mini_magick (4.11.0)
    onnxruntime (0.6.5)
      ffi
    ruby-vips (2.1.4)
      ffi (~> 1.12)

PLATFORMS
  x86_64-darwin-20

DEPENDENCIES
  mini_magick
  onnxruntime
  ruby-vips

RUBY VERSION
   ruby 3.0.2p107

BUNDLED WITH
   2.2.22
